GIT
  remote: https://github.com/timgentry/ndr_avro
  revision: 5ac7752b9a866496bb152ba7e85b27c38b766a73
  branch: main
  tag: v1.0.0-rc.1
  specs:
    ndr_avro (1.0.0.pre.rc.3)
      avro (~> 1.11.0)
      ndr_import

GIT
  remote: https://github.com/timgentry/ndr_import
  revision: 9678b7b7ec55b5cd73ff80b62db3f6156c1b76c6
  branch: feature/filename_column
  specs:
    ndr_import (10.1.3)
      activemodel
      activesupport (>= 6.0, < 7.1)
      docx (~> 0.3)
      msworddoc-extractor (= 0.2.0)
      ndr_support (>= 5.3.2, < 6)
      nokogiri (~> 1.8, >= 1.8.5)
      ooxml_decrypt
      pdf-reader (~> 2.1)
      roo (~> 2.0)
      roo-xls
      rubyzip (~> 2.0)
      seven_zip_ruby (~> 1.3)
      spreadsheet (= 1.2.6)

GEM
  remote: https://rubygems.org/
  specs:
    Ascii85 (1.1.0)
    activemodel (7.0.8.1)
      activesupport (= 7.0.8.1)
    activerecord (7.0.8.1)
      activemodel (= 7.0.8.1)
      activesupport (= 7.0.8.1)
    activesupport (7.0.8.1)
      concurrent-ruby (~> 1.0, >= 1.0.2)
      i18n (>= 1.6, < 2)
      minitest (>= 5.1)
      tzinfo (~> 2.0)
    afm (0.2.2)
    avro (1.11.3)
      multi_json (~> 1.0)
    aws-eventstream (1.3.0)
    aws-partitions (1.907.0)
    aws-sdk-core (3.191.6)
      aws-eventstream (~> 1, >= 1.3.0)
      aws-partitions (~> 1, >= 1.651.0)
      aws-sigv4 (~> 1.8)
      jmespath (~> 1, >= 1.6.1)
    aws-sdk-kms (1.78.0)
      aws-sdk-core (~> 3, >= 3.191.0)
      aws-sigv4 (~> 1.1)
    aws-sdk-s3 (1.146.1)
      aws-sdk-core (~> 3, >= 3.191.0)
      aws-sdk-kms (~> 1)
      aws-sigv4 (~> 1.8)
    aws-sigv4 (1.8.0)
      aws-eventstream (~> 1, >= 1.0.2)
    bigdecimal (3.1.7)
    concurrent-ruby (1.2.3)
    docx (0.8.0)
      nokogiri (~> 1.13, >= 1.13.0)
      rubyzip (~> 2.0)
    hashery (2.1.2)
    i18n (1.14.4)
      concurrent-ruby (~> 1.0)
    jmespath (1.6.2)
    minitest (5.22.3)
    msworddoc-extractor (0.2.0)
      ruby-ole
    multi_json (1.15.0)
    ndr_support (5.10.3)
      activerecord (>= 6.1, < 7.2)
      activesupport (>= 6.1, < 7.2)
    nokogiri (1.16.3-arm64-darwin)
      racc (~> 1.4)
    nokogiri (1.16.3-x86_64-darwin)
      racc (~> 1.4)
    nokogiri (1.16.3-x86_64-linux)
      racc (~> 1.4)
    ooxml_decrypt (1.0.0)
      nokogiri (~> 1.10)
      ruby-ole (~> 1.2)
    pdf-reader (2.12.0)
      Ascii85 (~> 1.0)
      afm (~> 0.2.1)
      hashery (~> 2.0)
      ruby-rc4
      ttfunk
    racc (1.7.3)
    roo (2.10.1)
      nokogiri (~> 1)
      rubyzip (>= 1.3.0, < 3.0.0)
    roo-xls (1.2.0)
      nokogiri
      roo (>= 2.0.0, < 3)
      spreadsheet (> 0.9.0)
    ruby-ole (1.2.13.1)
    ruby-rc4 (0.1.5)
    rubyzip (2.3.2)
    seven_zip_ruby (1.3.0)
    spreadsheet (1.2.6)
      ruby-ole (>= 1.0)
    ttfunk (1.8.0)
      bigdecimal (~> 3.1)
    tzinfo (2.0.6)
      concurrent-ruby (~> 1.0)

PLATFORMS
  arm64-darwin-22
  x86_64-darwin-20
  x86_64-darwin-21
  x86_64-linux

DEPENDENCIES
  aws-sdk-s3 (~> 1)
  ndr_avro!
  ndr_import!
  pdf-reader (!= 2.10.0)

BUNDLED WITH
   2.4.19
